GEM
  remote: https://rubygems.org/
  specs:
    anemone (0.7.2)
      nokogiri (>= 1.3.0)
      robotex (>= 1.0.0)
    mini_portile (0.6.2)
    nokogiri (1.6.6.2)
      mini_portile (~> 0.6.0)
    robotex (1.0.0)
    thread (0.2.0)
    http_parser.rb (0.6.0)
    htabc.rb (0.6.0)

PLATFORMS
  ruby

DEPENDENCIES
  anemone
  thread
